PATH
  remote: .
  specs:
    ThreatExchange (1.0.0)
      json
      rest-client

GEM
  remote: https://rubygems.org/
  specs:
    domain_name (0.5.24)
      unf (>= 0.0.5, < 1.0.0)
    http-cookie (1.0.2)
      domain_name (~> 0.5)
    json (2.0.1)
    mime-types (2.4.3)
    netrc (0.10.3)
    rake (13.0.6)
    rest-client (1.8.0)
      http-cookie (>= 1.0.2, < 2.0)
      mime-types (>= 1.16, < 3.0)
      netrc (~> 0.7)
    unf (0.1.4)
      unf_ext
    unf_ext (0.0.7.1)

PLATFORMS
  ruby

DEPENDENCIES
  ThreatExchange!
  bundler (~> 1.6)
  rake
  rest-client

BUNDLED WITH
   1.12.5
